GEM
  remote: https://rubygems.org/
  specs:
    colorize (0.8.1)
    equatable (0.6.1)
    necromancer (0.5.1)
    pastel (0.7.3)
      equatable (~> 0.6)
      tty-color (~> 0.5)
    power_assert (1.2.0)
    random-word-generator (0.0.1)
      sqlite3-ruby (>= 1.2.1)
    sqlite3 (1.4.2)
    sqlite3-ruby (1.3.3)
      sqlite3 (>= 1.3.3)
    test-unit (3.3.5)
      power_assert
    tty-color (0.5.1)
    tty-cursor (0.7.1)
    tty-prompt (0.21.0)
      necromancer (~> 0.5.0)
      pastel (~> 0.7.0)
      tty-reader (~> 0.7.0)
    tty-reader (0.7.0)
      tty-cursor (~> 0.7)
      tty-screen (~> 0.7)
      wisper (~> 2.0.0)
    tty-screen (0.7.1)
    wisper (2.0.1)

PLATFORMS
  ruby

DEPENDENCIES
  colorize (~> 0.8.1)
  random-word-generator (~> 0.0.1)
  test-unit (~> 3.3)
  tty-cursor (~> 0.7.1)
  tty-prompt (~> 0.21.0)

BUNDLED WITH
   2.1.4
